GIT
  remote: https://github.com/bemky/middleman-condenser.git
  revision: 53de4e7f51432a43f350e15e9ffccb79ca06bbf4
  branch: dedup_assets
  specs:
    middleman-condenser (0.0.3)
      condenser (>= 0.1)
      middleman-core (>= 4.2.1)

GIT
  remote: https://github.com/bemky/uniform.git
  revision: cf820366c74146ead0e5e7d3343b5b2728284411
  specs:
    uniform-ui (3.0.0.beta11)
      sass

GIT
  remote: https://github.com/malomalo/condenser.git
  revision: 80983166441533560e5602cf042cc67bb73e7298
  specs:
    condenser (1.2)
      erubi (~> 1.0)
      listen
      rack (> 1, < 3)

GIT
  remote: https://github.com/middleman/middleman.git
  revision: 35a52af5284cb1b7164ba0ead734cbdb8a1322f7
  specs:
    middleman (5.0.0.rc.2)
      coffee-script (~> 2.2)
      haml (>= 4.0.5)
      kramdown (~> 2.3)
      middleman-cli (= 5.0.0.rc.2)
      middleman-core (= 5.0.0.rc.2)
      webrick (~> 1.7)
    middleman-cli (5.0.0.rc.2)
      thor (>= 0.17.0, < 2.0)
    middleman-core (5.0.0.rc.2)
      activesupport (>= 5.0.0)
      addressable (~> 2.3)
      bundler
      contracts (~> 0.16.0)
      dotenv
      erubis
      execjs (~> 2.0)
      fastimage (~> 2.0)
      hamster (~> 3.0)
      hashie (~> 4.0)
      i18n (~> 0.9.0)
      listen (~> 3.0)
      memoist (~> 0.14)
      oj (~> 3.7)
      padrino-helpers (~> 0.14.4)
      parallel
      rack (>= 1.4.5, < 3)
      rgl (~> 0.5.3)
      sassc (~> 2.0)
      servolux
      tilt (~> 2.0.9)
      toml
      uglifier (~> 4.1)
      webrick

GEM
  remote: https://rubygems.org/
  specs:
    activesupport (6.0.4.1)
      concurrent-ruby (~> 1.0, >= 1.0.2)
      i18n (>= 0.7, < 2)
      minitest (~> 5.1)
      tzinfo (~> 1.1)
      zeitwerk (~> 2.2, >= 2.2.2)
    addressable (2.8.0)
      public_suffix (>= 2.0.2, < 5.0)
    autoprefixer-rails (9.8.6.5)
      execjs
    brotli (0.2.3)
    byebug (11.1.3)
    coffee-script (2.4.1)
      coffee-script-source
      execjs
    coffee-script-source (1.12.2)
    commonmarker (0.23.7)
    concurrent-ruby (1.1.9)
    contracts (0.16.1)
    css_parser (1.9.0)
      addressable
    dotenv (2.7.6)
    erubi (1.10.0)
    erubis (2.7.0)
    execjs (2.8.1)
    fastimage (2.2.5)
    ffi (1.15.3)
    generator (0.0.1)
    github-markup (4.0.1)
    haml (5.2.1)
      temple (>= 0.8.0)
      tilt
    hamster (3.0.0)
      concurrent-ruby (~> 1.0)
    hashie (4.1.0)
    i18n (0.9.5)
      concurrent-ruby (~> 1.0)
    kramdown (2.3.1)
      rexml
    lazy_priority_queue (0.1.1)
    listen (3.7.0)
      rb-fsevent (~> 0.10, >= 0.10.3)
      rb-inotify (~> 0.9, >= 0.9.10)
    memoist (0.16.2)
    middleman-autoprefixer (2.10.1)
      autoprefixer-rails (~> 9.1)
      middleman-core (>= 3.3.3)
    middleman-syntax (3.2.0)
      middleman-core (>= 3.2)
      rouge (~> 3.2)
    minitest (5.14.4)
    oj (3.13.2)
    padrino-helpers (0.14.4)
      i18n (~> 0.6, >= 0.6.7)
      padrino-support (= 0.14.4)
      tilt (>= 1.4.1, < 3)
    padrino-support (0.14.4)
    parallel (1.20.1)
    parslet (2.0.0)
    public_suffix (4.0.6)
    rack (2.2.4)
    rb-fsevent (0.11.0)
    rb-inotify (0.10.1)
      ffi (~> 1.0)
    rexml (3.2.5)
    rgl (0.5.7)
      lazy_priority_queue (~> 0.1.0)
      stream (~> 0.5.3)
    rouge (3.26.0)
    rubyzip (2.3.0)
    sass (3.7.4)
      sass-listen (~> 4.0.0)
    sass-listen (4.0.0)
      rb-fsevent (~> 0.9, >= 0.9.4)
      rb-inotify (~> 0.9, >= 0.9.7)
    sassc (2.4.0)
      ffi (~> 1.9)
    servolux (0.13.0)
    stream (0.5.3)
      generator
    temple (0.8.2)
    thor (1.1.0)
    thread_safe (0.3.6)
    tilt (2.0.10)
    toml (0.3.0)
      parslet (>= 1.8.0, < 3.0.0)
    tzinfo (1.2.10)
      thread_safe (~> 0.1)
    uglifier (4.2.0)
      execjs (>= 0.3.0, < 3)
    webrick (1.7.0)
    zeitwerk (2.4.2)

PLATFORMS
  ruby

DEPENDENCIES
  brotli
  byebug
  commonmarker
  condenser!
  css_parser
  ffi
  github-markup
  middleman!
  middleman-autoprefixer
  middleman-condenser!
  middleman-syntax
  rubyzip
  tzinfo-data
  uniform-ui!
  wdm (~> 0.1)

BUNDLED WITH
   2.2.32
